NUGET
  remote: https://nuget.org/api/v2
  specs:
    FAKE (4.4.4)
    FSharp.Compiler.Service (0.0.90)
    FSharp.Formatting (2.11.0)
      FSharp.Compiler.Service (>= 0.0.90 <= 1.3)
      FSharpVSPowerTools.Core (1.9.0)
    FSharpVSPowerTools.Core (1.9.0)
      FSharp.Compiler.Service (>= 0.0.90)
    FsLexYacc (6.0.3) - framework: >= net40
      FsLexYacc.Runtime (>= 6.0.2)
    FsLexYacc.Runtime (6.1.0)
    Microsoft.Bcl (1.1.10)
      Microsoft.Bcl.Build (>= 1.0.14)
    Microsoft.Bcl.Build (1.0.21)
    Microsoft.Net.Http (2.2.29)
      Microsoft.Bcl (>= 1.1.10)
      Microsoft.Bcl.Build (>= 1.0.14)
    Microsoft.VisualStudio.CoreUtility (14.0.23107) - framework: >= net452
    Microsoft.VisualStudio.Imaging (14.0.23107) - framework: >= net452
      Microsoft.VisualStudio.Utilities (>= 14.0.23107)
    Microsoft.VisualStudio.OLE.Interop (7.10.6070) - framework: >= net452
    Microsoft.VisualStudio.Shell.14.0 (14.0.23107) - framework: >= net452
      Microsoft.VisualStudio.Imaging (>= 14.0.23107)
      Microsoft.VisualStudio.OLE.Interop (>= 7.10.6070)
      Microsoft.VisualStudio.Shell.Immutable.10.0 (>= 10.0.30319)
      Microsoft.VisualStudio.Shell.Immutable.11.0 (>= 11.0.50727)
      Microsoft.VisualStudio.Shell.Immutable.12.0 (>= 12.0.21003)
      Microsoft.VisualStudio.Shell.Immutable.14.0 (>= 14.0.23107)
      Microsoft.VisualStudio.Shell.Interop (>= 7.10.6071)
      Microsoft.VisualStudio.Shell.Interop.8.0 (>= 8.0.50727)
      Microsoft.VisualStudio.Shell.Interop.9.0 (>= 9.0.30729)
      Microsoft.VisualStudio.TextManager.Interop (>= 7.10.6070)
      Microsoft.VisualStudio.Threading (>= 14.0.50702)
      Microsoft.VisualStudio.Utilities (>= 14.0.23107)
    Microsoft.VisualStudio.Shell.Immutable.10.0 (10.0.30319) - framework: >= net452
    Microsoft.VisualStudio.Shell.Immutable.11.0 (11.0.50727) - framework: >= net452
      Microsoft.VisualStudio.OLE.Interop (>= 7.10.6070)
      Microsoft.VisualStudio.Shell.Interop (>= 7.10.6071)
    Microsoft.VisualStudio.Shell.Immutable.12.0 (12.0.21003) - framework: >= net452
    Microsoft.VisualStudio.Shell.Immutable.14.0 (14.0.23107) - framework: >= net452
      Microsoft.VisualStudio.Shell.Immutable.11.0 (>= 11.0.50727)
    Microsoft.VisualStudio.Shell.Interop (7.10.6071) - framework: >= net452
      Microsoft.VisualStudio.OLE.Interop (>= 7.10.6070)
      Microsoft.VisualStudio.TextManager.Interop (>= 7.10.6070)
    Microsoft.VisualStudio.Shell.Interop.10.0 (10.0.30319) - framework: >= net452
      Microsoft.VisualStudio.OLE.Interop (>= 7.10.6070)
      Microsoft.VisualStudio.Shell.Interop (>= 7.10.6071)
    Microsoft.VisualStudio.Shell.Interop.11.0 (11.0.61030) - framework: >= net452
      Microsoft.VisualStudio.OLE.Interop (>= 7.10.6070)
      Microsoft.VisualStudio.Shell.Interop (>= 7.10.6071)
      Microsoft.VisualStudio.Shell.Interop.10.0 (>= 10.0.30319)
      Microsoft.VisualStudio.Shell.Interop.8.0 (>= 8.0.50727)
    Microsoft.VisualStudio.Shell.Interop.12.0 (12.0.30110) - framework: >= net452
      Microsoft.VisualStudio.OLE.Interop (>= 7.10.6070)
      Microsoft.VisualStudio.Shell.Interop (>= 7.10.6071)
      Microsoft.VisualStudio.Shell.Interop.10.0 (>= 10.0.30319)
      Microsoft.VisualStudio.Shell.Interop.11.0 (>= 11.0.61030)
      Microsoft.VisualStudio.Shell.Interop.8.0 (>= 8.0.50727)
    Microsoft.VisualStudio.Shell.Interop.8.0 (8.0.50727) - framework: >= net452
      Microsoft.VisualStudio.OLE.Interop (>= 7.10.6070)
      Microsoft.VisualStudio.Shell.Interop (>= 7.10.6071)
      Microsoft.VisualStudio.TextManager.Interop (>= 7.10.6070)
      Microsoft.VisualStudio.TextManager.Interop.8.0 (>= 8.0.50727)
    Microsoft.VisualStudio.Shell.Interop.9.0 (9.0.30729) - framework: >= net452
      Microsoft.VisualStudio.OLE.Interop (>= 7.10.6070)
      Microsoft.VisualStudio.Shell.Interop (>= 7.10.6071)
      Microsoft.VisualStudio.Shell.Interop.8.0 (>= 8.0.50727)
      Microsoft.VisualStudio.TextManager.Interop (>= 7.10.6070)
    Microsoft.VisualStudio.Text.Data (14.0.23107) - framework: >= net452
      Microsoft.VisualStudio.CoreUtility (>= 14.0.23107)
    Microsoft.VisualStudio.Text.Logic (14.0.23107) - framework: >= net452
      Microsoft.VisualStudio.CoreUtility (>= 14.0.23107)
      Microsoft.VisualStudio.Text.Data (>= 14.0.23107)
    Microsoft.VisualStudio.Text.UI (14.0.23107) - framework: >= net452
      Microsoft.VisualStudio.CoreUtility (>= 14.0.23107)
      Microsoft.VisualStudio.Text.Data (>= 14.0.23107)
      Microsoft.VisualStudio.Text.Logic (>= 14.0.23107)
    Microsoft.VisualStudio.Text.UI.Wpf (14.0.23107) - framework: >= net452
      Microsoft.VisualStudio.CoreUtility (>= 14.0.23107)
      Microsoft.VisualStudio.Text.Data (>= 14.0.23107)
      Microsoft.VisualStudio.Text.Logic (>= 14.0.23107)
      Microsoft.VisualStudio.Text.UI (>= 14.0.23107)
    Microsoft.VisualStudio.TextManager.Interop (7.10.6070) - framework: >= net452
      Microsoft.VisualStudio.OLE.Interop (>= 7.10.6070)
    Microsoft.VisualStudio.TextManager.Interop.8.0 (8.0.50727) - framework: >= net452
      Microsoft.VisualStudio.OLE.Interop (>= 7.10.6070)
      Microsoft.VisualStudio.Shell.Interop (>= 7.10.6071)
      Microsoft.VisualStudio.TextManager.Interop (>= 7.10.6070)
    Microsoft.VisualStudio.Threading (14.0.50702) - framework: >= net452
    Microsoft.VisualStudio.Utilities (14.0.23107) - framework: >= net452
    Microsoft.VisualStudio.Validation (14.0.50702) - framework: >= net452
    Microsoft.VSSDK.BuildTools (14.0.23107) - framework: >= net452
    NuGet.CommandLine (2.8.6)
    NUnit (2.6.4)
    NUnit.Runners (2.6.4)
    Octokit (0.16.0)
      Microsoft.Net.Http
    SourceLink.Fake (1.1.0)
GITHUB
  remote: fsharp/FAKE
  specs:
    modules/Octokit/Octokit.fsx (0b76a61e7b113c000af6547f9ac2e7e336fe4f81)
      Octokit